PATH
  remote: .
  specs:
    aisler_pricing (0.1.0)
      eu_central_bank (~> 1.4.2)
      money (~> 6.10)

GEM
  remote: https://rubygems.org/
  specs:
    concurrent-ruby (1.1.5)
    diff-lcs (1.3)
    eu_central_bank (1.4.2)
      money (~> 6.13)
      nokogiri (~> 1.8)
    i18n (1.6.0)
      concurrent-ruby (~> 1.0)
    mini_portile2 (2.4.0)
    money (6.13.4)
      i18n (>= 0.6.4, <= 2)
    nokogiri (1.10.3)
      mini_portile2 (~> 2.4.0)
    rake (10.5.0)
    rspec (3.8.0)
      rspec-core (~> 3.8.0)
      rspec-expectations (~> 3.8.0)
      rspec-mocks (~> 3.8.0)
    rspec-core (3.8.2)
      rspec-support (~> 3.8.0)
    rspec-expectations (3.8.4)
      diff-lcs (>= 1.2.0, < 2.0)
      rspec-support (~> 3.8.0)
    rspec-mocks (3.8.1)
      diff-lcs (>= 1.2.0, < 2.0)
      rspec-support (~> 3.8.0)
    rspec-support (3.8.2)

PLATFORMS
  ruby

DEPENDENCIES
  aisler_pricing!
  bundler (~> 1.16)
  rake (~> 10.0)
  rspec (~> 3.0)

BUNDLED WITH
   1.16.5
